GEM
  remote: https://rubygems.org/
  specs:
    armor (0.0.3)
    coderay (1.1.1)
    elo (0.1.0)
    hiredis (0.6.1)
    method_source (0.8.2)
    msgpack (0.5.12)
    nido (1.0.0)
    ohm (2.3.0)
      msgpack (~> 0.5.0)
      nido
      redic (~> 1.5.0)
      stal
    ohm-contrib (2.2.0)
      ohm (~> 2.2)
    pry (0.10.3)
      coderay (~> 1.1.0)
      method_source (~> 0.8.1)
      slop (~> 3.4)
    rack (1.6.4)
    rack-protection (1.5.3)
      rack
    rb-readline (0.5.3)
    redic (1.5.0)
      hiredis
    shield (2.1.1)
      armor
    sinatra (1.4.7)
      rack (~> 1.5)
      rack-protection (~> 1.4)
      tilt (>= 1.3, < 3)
    slop (3.6.0)
    stal (0.1.0)
      redic
    tilt (2.0.2)

PLATFORMS
  ruby

DEPENDENCIES
  elo (~> 0.1)
  ohm (~> 2.3)
  ohm-contrib (~> 2.2)
  pry
  rb-readline
  shield (~> 2.1)
  sinatra (~> 1.4)

BUNDLED WITH
   1.10.1
