GEM
  remote: https://rubygems.org/
  specs:
    elo (0.1.0)
    hiredis (0.6.1)
    msgpack (0.5.12)
    nido (1.0.0)
    ohm (2.3.0)
      msgpack (~> 0.5.0)
      nido
      redic (~> 1.5.0)
      stal
    redic (1.5.0)
      hiredis
    stal (0.1.0)
      redic

PLATFORMS
  ruby

DEPENDENCIES
  elo (~> 0.1)
  ohm (~> 2.3)

BUNDLED WITH
   1.10.1
